GEM
  remote: https://rubygems.org/
  specs:
    blankslate (3.1.3)
    dicebag (3.1.0)
      parslet (>= 1.4.0)
    json (1.8.1)
    parslet (1.6.2)
      blankslate (>= 2.0, <= 4.0)
    rack (1.5.2)
    rack-protection (1.5.3)
      rack
    simple-random (1.0.0)
    sinatra (1.4.5)
      rack (~> 1.4)
      rack-protection (~> 1.4)
      tilt (~> 1.3, >= 1.3.4)
    tilt (1.4.1)

PLATFORMS
  ruby

DEPENDENCIES
  dicebag
  json
  simple-random
  sinatra
